GEM
  remote: https://rubygems.org/
  specs:
    pairing_heap (3.0.1)
    rexml (3.2.6)
    rgl (0.6.6)
      pairing_heap (>= 0.3, < 4.0)
      rexml (~> 3.2, >= 3.2.4)
      stream (~> 0.5.3)
    stream (0.5.5)

PLATFORMS
  x86_64-darwin-21

DEPENDENCIES
  rgl (= 0.6.6)

BUNDLED WITH
   2.4.22
